PATH
  remote: ../datainsight_collector
  specs:
    datainsight_collector (0.0.10)
      bunny
      datainsight_logging
      gli (= 1.6.0)

GEM
  remote: http://rubygems.org/
  remote: https://BnrJb6FZyzspBboNJzYZ@gem.fury.io/govuk/
  specs:
    activesupport (3.2.8)
      i18n (~> 0.6)
      multi_json (~> 1.0)
    addressable (2.3.2)
    airbrake (3.1.5)
      builder
      girl_friday
    autoparse (0.3.2)
      addressable (>= 2.3.1)
      extlib (>= 0.9.15)
      multi_json (>= 1.0.0)
    builder (3.0.0)
    bunny (0.8.0)
    chronic (0.6.7)
    ci_reporter (1.7.1)
      builder (>= 2.1.2)
    connection_pool (0.9.2)
    datainsight_logging (0.0.3)
      logging
    diff-lcs (1.1.3)
    extlib (0.9.16)
    fakeweb (1.3.0)
    faraday (0.8.4)
      multipart-post (~> 1.1)
    girl_friday (0.11.1)
      connection_pool (~> 0.9.0)
      rubinius-actor
    gli (1.6.0)
    google-api-client (0.4.5)
      addressable (>= 2.3.2)
      autoparse (>= 0.3.2)
      extlib (>= 0.9.15)
      faraday (~> 0.8.1)
      launchy (>= 2.1.1)
      multi_json (>= 1.0.0)
      signet (>= 0.4.1)
      uuidtools (>= 2.1.0)
    google_auth_bridge (0.1.2)
      google-api-client
      oauth2
    httpauth (0.2.0)
    i18n (0.6.0)
    jwt (0.1.5)
      multi_json (>= 1.0)
    launchy (2.1.2)
      addressable (~> 2.3)
    little-plugger (1.1.3)
    logging (1.8.1)
      little-plugger (>= 1.1.3)
      multi_json (>= 1.3.6)
    multi_json (1.3.6)
    multipart-post (1.1.5)
    oauth2 (0.8.0)
      faraday (~> 0.8)
      httpauth (~> 0.1)
      jwt (~> 0.1.4)
      multi_json (~> 1.0)
      rack (~> 1.2)
    rack (1.5.2)
    rake (0.9.2.2)
    rspec (2.11.0)
      rspec-core (~> 2.11.0)
      rspec-expectations (~> 2.11.0)
      rspec-mocks (~> 2.11.0)
    rspec-core (2.11.1)
    rspec-expectations (2.11.2)
      diff-lcs (~> 1.1.3)
    rspec-mocks (2.11.2)
    rubinius-actor (0.0.2)
      rubinius-core-api
    rubinius-core-api (0.0.1)
    signet (0.4.1)
      addressable (>= 2.2.3)
      faraday (~> 0.8.1)
      jwt (>= 0.1.5)
      multi_json (>= 1.0.0)
    timecop (0.5.2)
    tzinfo (0.3.37)
    uuidtools (2.1.3)
    whenever (0.7.3)
      activesupport (>= 2.3.4)
      chronic (~> 0.6.3)

PLATFORMS
  ruby

DEPENDENCIES
  airbrake (= 3.1.5)
  bunny
  ci_reporter (= 1.7.1)
  datainsight_collector (= 0.0.10)!
  datainsight_logging (= 0.0.3)
  fakeweb
  gli (= 1.6.0)
  google-api-client
  google_auth_bridge (= 0.1.2)
  rake
  rspec (= 2.11.0)
  timecop (= 0.5.2)
  tzinfo (~> 0.3.37)
  whenever
